GEM
  remote: https://rubygems.org/
  specs:
    embulk (0.8.22-java)
      bundler (>= 1.10.6)
      liquid (~> 3.0.6)
      msgpack (~> 1.1.0)
      rjack-icu (~> 4.54.1.1)
    embulk-filter-column (0.6.0)
    embulk-output-postgresql (0.7.8)
    liquid (3.0.6)
    msgpack (1.1.0-java)
    rjack-icu (4.54.1.1-java)

PLATFORMS
  java

DEPENDENCIES
  embulk (~> 0.8.0)
  embulk-filter-column
  embulk-output-postgresql (>= 0.1.0)

BUNDLED WITH
   1.10.6
